PATH
  remote: .
  specs:
    envb-rails (0.0.2)
      haml

GEM
  remote: http://rubygems.org/
  specs:
    haml (3.1.7)

PLATFORMS
  ruby

DEPENDENCIES
  envb-rails!
